GEM
  remote: https://rubygems.org/
  specs:
    dotenv (2.2.1)
    encrypted_strings (0.3.3)
    mustermann (1.0.1)
    rack (2.0.4)
    rack-protection (2.0.0)
      rack
    sinatra (2.0.0)
      mustermann (~> 1.0)
      rack (~> 2.0)
      rack-protection (= 2.0.0)
      tilt (~> 2.0)
    tilt (2.0.8)

PLATFORMS
  ruby

DEPENDENCIES
  dotenv
  encrypted_strings
  sinatra

RUBY VERSION
   ruby 2.5.0p0

BUNDLED WITH
   1.16.1
